PATH
  remote: .
  specs:
    rdialog (1.0.0)

GEM
  remote: http://rubygems.org/
  specs:
    ansi (1.5.0)
    builder (3.2.2)
    docile (1.1.3)
    minitest (5.8.3)
    minitest-reporters (1.1.7)
      ansi
      builder
      minitest (>= 5.0)
      ruby-progressbar
    multi_json (1.9.2)
    rake (10.4.2)
    rdoc (4.2.0)
    ruby-progressbar (1.7.5)
    simplecov (0.8.2)
      docile (~> 1.1.0)
      multi_json
      simplecov-html (~> 0.8.0)
    simplecov-html (0.8.0)

PLATFORMS
  ruby

DEPENDENCIES
  bundler (~> 1.1)
  minitest (~> 5.8)
  minitest-reporters (~> 1.1)
  rake (~> 10.4)
  rdialog!
  rdoc (~> 4.2)
  simplecov
